PATH
  remote: .
  specs:
    Aur (0.0.0)
      docopt (~> 0.6.0)
      flacinfo-rb (~> 1.0.0)
      i18n (~> 1.6.0)
      ruby-mp3info (~> 0.8.0)

GEM
  remote: https://rubygems.org/
  specs:
    ast (2.4.0)
    concurrent-ruby (1.1.5)
    docopt (0.6.1)
    flacinfo-rb (1.0)
    i18n (1.6.0)
      concurrent-ruby (~> 1.0)
    jaro_winkler (1.5.3)
    minitest (5.11.3)
    parallel (1.17.0)
    parser (2.6.3.0)
      ast (~> 2.4.0)
    rainbow (3.0.0)
    rake (12.3.2)
    rubocop (0.72.0)
      jaro_winkler (~> 1.5.1)
      parallel (~> 1.10)
      parser (>= 2.6)
      rainbow (>= 2.2.2, < 4.0)
      ruby-progressbar (~> 1.7)
      unicode-display_width (>= 1.4.0, < 1.7)
    ruby-mp3info (0.8.10)
    ruby-progressbar (1.10.1)
    spy (1.0.0)
    unicode-display_width (1.6.0)
    yard (0.9.20)

PLATFORMS
  ruby

DEPENDENCIES
  Aur!
  minitest (~> 5.11, >= 5.11.0)
  rake (~> 12.0)
  rubocop (~> 0.72.0)
  spy (~> 1.0.0)
  yard (~> 0.9.5)

BUNDLED WITH
   2.0.1
