PATH
  remote: .
  specs:
    Aur (0.0.0)
      docopt (~> 0.6.0)
      flacinfo-rb (~> 1.0.0)
      i18n (~> 1.8.0)
      ruby-mp3info (~> 0.8.0)

GEM
  remote: https://rubygems.org/
  specs:
    ast (2.4.2)
    concurrent-ruby (1.1.9)
    docopt (0.6.1)
    flacinfo-rb (1.0)
    i18n (1.8.10)
      concurrent-ruby (~> 1.0)
    minitest (5.14.4)
    parallel (1.20.1)
    parser (3.0.2.0)
      ast (~> 2.4.1)
    rainbow (3.0.0)
    rake (12.3.3)
    regexp_parser (2.1.1)
    rexml (3.2.5)
    rubocop (1.18.4)
      parallel (~> 1.10)
      parser (>= 3.0.0.0)
      rainbow (>= 2.2.2, < 4.0)
      regexp_parser (>= 1.8, < 3.0)
      rexml
      rubocop-ast (>= 1.8.0, < 2.0)
      ruby-progressbar (~> 1.7)
      unicode-display_width (>= 1.4.0, < 3.0)
    rubocop-ast (1.8.0)
      parser (>= 3.0.1.1)
    rubocop-minitest (0.14.0)
      rubocop (>= 0.90, < 2.0)
    rubocop-performance (1.11.4)
      rubocop (>= 1.7.0, < 2.0)
      rubocop-ast (>= 0.4.0)
    rubocop-rake (0.6.0)
      rubocop (~> 1.0)
    ruby-mp3info (0.8.10)
    ruby-progressbar (1.11.0)
    spy (1.0.1)
    unicode-display_width (2.0.0)
    yard (0.9.26)

PLATFORMS
  ruby

DEPENDENCIES
  Aur!
  minitest (~> 5.14)
  rake (~> 12.0)
  rubocop (~> 1.0)
  rubocop-minitest (~> 0.14)
  rubocop-performance (~> 1.11)
  rubocop-rake (~> 0.6)
  spy (~> 1.0.0)
  yard (~> 0.9.5)

BUNDLED WITH
   2.1.4
